GENERATE-LOAD-SCRIPTS: ON
RESTRICTION: || (== net472) (== netcoreapp3.0)
NUGET
  remote: https://www.nuget.org/api/v2
    FSharp.Core (4.7)
    Google.DataTable.Net.Wrapper (4.0)
    Newtonsoft.Json (12.0.3)
    XPlot.GoogleCharts (3.0.1)
      FSharp.Core (>= 4.5.2)
      Google.DataTable.Net.Wrapper (>= 4.0)
      Newtonsoft.Json (>= 12.0.2)
    XPlot.GoogleCharts.AutoTable (1.0)
      FSharp.Core (>= 4.7)
      Newtonsoft.Json (>= 12.0.3)
      XPlot.GoogleCharts (>= 3.0.1)
